GEM
  remote: https://rubygems.org/
  specs:
    ansi (1.5.0)
    ast (2.0.0)
    coderay (1.1.0)
    cuba (3.3.0)
      rack
    cuba-contrib (3.1.0)
      cuba (~> 3.1)
    faraday (0.9.1)
      multipart-post (>= 1.2, < 3)
    faraday_middleware (0.9.1)
      faraday (>= 0.7.4, < 0.10)
    hiredis (0.6.0)
    kgio (2.9.3)
    method_source (0.8.2)
    mote (1.1.3)
    multipart-post (2.0.0)
    oga (1.0.0)
      ast
      ruby-ll (~> 2.1)
    pry (0.10.1)
      coderay (~> 1.1.0)
      method_source (~> 0.8.1)
      slop (~> 3.4)
    rack (1.6.0)
    raindrops (0.14.0)
    redic (1.5.0)
      hiredis
    ruby-ll (2.1.1)
      ansi
      ast
    slop (3.6.0)
    unicorn (4.9.0)
      kgio (~> 2.6)
      rack
      raindrops (~> 0.7)

PLATFORMS
  ruby

DEPENDENCIES
  cuba (= 3.3.0)
  cuba-contrib (= 3.1.0)
  faraday
  faraday_middleware
  mote (= 1.1.3)
  oga
  pry
  rack
  redic
  unicorn
